GEM
  specs:
    ffi (1.9.10)
    jekyll-sitemap (0.10.0)
    jekyll-watch (1.3.1)
      listen (~> 3.0)
    kramdown (1.10.0)
    listen (3.0.6)
      rb-fsevent (>= 0.9.3)
      rb-inotify (>= 0.9.7)
    rb-fsevent (0.9.7)
    rb-inotify (0.9.7)
      ffi (>= 0.5.0)

PLATFORMS
  ruby

DEPENDENCIES
  jekyll-sitemap
  jekyll-watch
  kramdown

BUNDLED WITH
   1.11.2
